PATH
  remote: .
  specs:
    Seasonal-Anime (0.1.1)

GEM
  remote: https://rubygems.org/
  specs:
    coderay (1.1.2)
    method_source (0.9.2)
    mini_portile2 (2.8.1)
    nokogiri (1.14.3)
      mini_portile2 (~> 2.8.0)
      racc (~> 1.4)
    pry (0.12.2)
      coderay (~> 1.1.0)
      method_source (~> 0.9.0)
    racc (1.6.2)

PLATFORMS
  ruby

DEPENDENCIES
  Seasonal-Anime!
  nokogiri
  pry

BUNDLED WITH
   2.0.1
