PATH
  remote: .
  specs:
    Seasonal-Anime (0.1.1)

GEM
  remote: https://rubygems.org/
  specs:
    coderay (1.1.2)
    method_source (0.9.2)
    mini_portile2 (2.4.0)
    nokogiri (1.10.5)
      mini_portile2 (~> 2.4.0)
    pry (0.12.2)
      coderay (~> 1.1.0)
      method_source (~> 0.9.0)

PLATFORMS
  ruby

DEPENDENCIES
  Seasonal-Anime!
  nokogiri
  pry

BUNDLED WITH
   2.0.1
